PATH
  remote: ../..
  specs:
    recaptcha (4.14.0)
      json

GEM
  remote: https://rubygems.org/
  specs:
    json (2.2.0)
    rack (1.6.4)
    rack-protection (1.5.3)
      rack
    sinatra (1.4.6)
      rack (~> 1.4)
      rack-protection (~> 1.4)
      tilt (>= 1.3, < 3)
    tilt (2.0.1)

PLATFORMS
  ruby

DEPENDENCIES
  recaptcha!
  sinatra

BUNDLED WITH
   1.16.1
